GEM
  remote: https://gems.ruby-china.org/
  specs:
    awesome_print (1.6.1)
    celluloid (0.17.2)
      celluloid-essentials
      celluloid-extras
      celluloid-fsm
      celluloid-pool
      celluloid-supervision
      timers (>= 4.1.1)
    celluloid-essentials (0.20.5)
      timers (>= 4.1.1)
    celluloid-extras (0.20.5)
      timers (>= 4.1.1)
    celluloid-fsm (0.20.5)
      timers (>= 4.1.1)
    celluloid-pool (0.20.5)
      timers (>= 4.1.1)
    celluloid-supervision (0.20.5)
      timers (>= 4.1.1)
    hitimes (1.2.3)
    ruby-progressbar (1.7.5)
    timers (4.1.1)
      hitimes

PLATFORMS
  ruby

DEPENDENCIES
  awesome_print
  celluloid
  ruby-progressbar

BUNDLED WITH
   1.11.2
