GEM
  remote: https://gems.ruby-china.org/
  specs:
    awesome_print (1.6.1)
    celluloid (0.17.2)
      celluloid-essentials
      celluloid-extras
      celluloid-fsm
      celluloid-pool
      celluloid-supervision
      timers (>= 4.1.1)
    celluloid-essentials (0.20.5)
      timers (>= 4.1.1)
    celluloid-extras (0.20.5)
      timers (>= 4.1.1)
    celluloid-fsm (0.20.5)
      timers (>= 4.1.1)
    celluloid-pool (0.20.5)
      timers (>= 4.1.1)
    celluloid-supervision (0.20.5)
      timers (>= 4.1.1)
    coderay (1.1.0)
    hitimes (1.2.3)
    method_source (0.8.2)
    pry (0.10.1)
      coderay (~> 1.1.0)
      method_source (~> 0.8.1)
      slop (~> 3.4)
    ruby-progressbar (1.7.5)
    slop (3.6.0)
    timers (4.1.1)
      hitimes

PLATFORMS
  ruby

DEPENDENCIES
  awesome_print
  celluloid
  pry
  ruby-progressbar

BUNDLED WITH
   1.11.2
